GEM
  remote: https://rubygems.org/
  specs:
    bootstrap-sass (3.2.0.2)
      sass (~> 3.2)
    chunky_png (1.3.3)
    cliver (0.3.2)
    colored (1.2)
    compass (1.0.1)
      chunky_png (~> 1.2)
      compass-core (~> 1.0.1)
      compass-import-once (~> 1.0.5)
      rb-fsevent (>= 0.9.3)
      rb-inotify (>= 0.9)
      sass (>= 3.3.13, < 3.5)
    compass-core (1.0.1)
      multi_json (~> 1.0)
      sass (>= 3.3.0, < 3.5)
    compass-import-once (1.0.5)
      sass (>= 3.2, < 3.5)
    cri (2.6.1)
      colored (~> 1.2)
    ditaarb (0.1.1)
    ffi (1.9.6)
    jsmin (1.0.1)
    mini_portile (0.6.0)
    multi_json (1.10.1)
    nanoc (3.7.3)
      cri (~> 2.3)
    nanoc-toolbox (0.2.1)
      jsmin (~> 1.0)
      nanoc (~> 3.7)
      nokogiri (~> 1.6)
    nokogiri (1.6.3.1)
      mini_portile (= 0.6.0)
    rb-fsevent (0.9.4)
    rb-inotify (0.9.5)
      ffi (>= 0.5.0)
    redcarpet (3.2.0)
    rouge (1.7.1)
    rubypants (0.2.0)
    sass (3.4.4)

PLATFORMS
  ruby

DEPENDENCIES
  bootstrap-sass
  cliver
  compass
  ditaarb
  nanoc
  nanoc-toolbox
  redcarpet
  rouge
  rubypants
